GEM
  remote: https://rubygems.org/
  specs:
    colorize (0.8.1)
    logger (1.5.0)

PLATFORMS
  x86_64-linux

DEPENDENCIES
  colorize (~> 0.8.1)
  logger (~> 1.5)

BUNDLED WITH
   2.3.7
